GEM
  remote: https://rubygems.org/
  specs:
    rack (2.2.20)
    webrick (1.9.1)

PLATFORMS
  ruby
  x86_64-linux

DEPENDENCIES
  rack (< 3.0)
  webrick

BUNDLED WITH
   2.7.2
